GEM
  remote: https://rubygems.org/
  specs:
    activesupport (3.0.20)
    diff-lcs (1.2.4)
    excon (0.26.0)
    faraday (0.8.8)
      multipart-post (~> 1.2.0)
    i18n (0.5.0)
    multipart-post (1.2.0)
    rake (10.1.0)
    rspec (2.14.1)
      rspec-core (~> 2.14.0)
      rspec-expectations (~> 2.14.0)
      rspec-mocks (~> 2.14.0)
    rspec-core (2.14.5)
    rspec-expectations (2.14.3)
      diff-lcs (>= 1.1.3, < 2.0)
    rspec-mocks (2.14.3)
    yajl-ruby (0.8.3)

PLATFORMS
  ruby

DEPENDENCIES
  activesupport (~> 3.0.4)
  bundler
  excon (~> 0.26.0)
  faraday (~> 0.8.8)
  i18n (~> 0.5.0)
  rake (~> 10.1.0)
  rspec (~> 2.14.1)
  yajl-ruby (~> 0.8.1)
